GEM
  remote: https://rubygems.org/
  specs:
    ast (2.4.2)
    byebug (11.1.3)
    kwalify (0.7.2)
    paint (2.2.1)
    parallel (1.20.1)
    parser (3.0.0.0)
      ast (~> 2.4.1)
    psych (3.3.0)
    rainbow (3.0.0)
    rb-readline (0.5.5)
    redcarpet (3.5.1)
    reek (6.0.3)
      kwalify (~> 0.7.0)
      parser (~> 3.0.0)
      psych (~> 3.1)
      rainbow (>= 2.0, < 4.0)
    regexp_parser (2.0.3)
    rexml (3.2.5)
    rubocop (1.10.0)
      parallel (~> 1.10)
      parser (>= 3.0.0.0)
      rainbow (>= 2.2.2, < 4.0)
      regexp_parser (>= 1.8, < 3.0)
      rexml
      rubocop-ast (>= 1.2.0, < 2.0)
      ruby-progressbar (~> 1.7)
      unicode-display_width (>= 1.4.0, < 3.0)
    rubocop-ast (1.4.1)
      parser (>= 2.7.1.5)
    ruby-progressbar (1.11.0)
    unicode-display_width (2.0.0)
    yard (0.9.26)

PLATFORMS
  ruby

DEPENDENCIES
  byebug (~> 11.0)
  paint (~> 2.2.0)
  rb-readline
  redcarpet (~> 3.5.1)
  reek (~> 6.0.2)
  rubocop (~> 1.9)
  yard (~> 0.9.0)

RUBY VERSION
   ruby 2.4.10p364

BUNDLED WITH
   1.17.3
